PATH
  remote: .
  specs:
    oxford (1.0.3)
      activeldap (>= 3.1.0)
      facter (= 1.5.8)

GEM
  remote: http://rubygems.org/
  specs:
    activeldap (5.2.4)
      activemodel (>= 4.2)
      builder
      gettext
      gettext_i18n_rails
      locale
    activemodel (6.0.0)
      activesupport (= 6.0.0)
    activesupport (6.0.0)
      concurrent-ruby (~> 1.0, >= 1.0.2)
      i18n (>= 0.7, < 2)
      minitest (~> 5.1)
      tzinfo (~> 1.1)
      zeitwerk (~> 2.1, >= 2.1.8)
    builder (3.2.3)
    concurrent-ruby (1.1.5)
    diff-lcs (1.1.3)
    facter (1.5.8)
    fast_gettext (2.0.1)
    gettext (3.2.9)
      locale (>= 2.0.5)
      text (>= 1.3.0)
    gettext_i18n_rails (1.8.0)
      fast_gettext (>= 0.9.0)
    i18n (1.7.0)
      concurrent-ruby (~> 1.0)
    locale (2.1.2)
    minitest (5.12.2)
    rake (0.9.2.2)
    rspec (2.6.0)
      rspec-core (~> 2.6.0)
      rspec-expectations (~> 2.6.0)
      rspec-mocks (~> 2.6.0)
    rspec-core (2.6.4)
    rspec-expectations (2.6.0)
      diff-lcs (~> 1.1.2)
    rspec-mocks (2.6.0)
    ruby-ldap (0.9.12)
    text (1.3.1)
    thread_safe (0.3.6)
    tzinfo (1.2.5)
      thread_safe (~> 0.1)
    zeitwerk (2.2.0)

PLATFORMS
  ruby

DEPENDENCIES
  oxford!
  rake (>= 0.8.7)
  rspec (~> 2.6.0)
  ruby-ldap (>= 0.9.11)
