PATH
  remote: .
  specs:
    oxford (0.6)
      activeldap (>= 3.1.0)
      facter (>= 1.5.8)
      puppet (>= 2.6.4)
      ruby-ldap (>= 0.9.11)

GEM
  remote: http://rubygems.org/
  specs:
    activeldap (3.1.0)
      activemodel (~> 3.1.0.rc4)
      fast_gettext
      gettext_i18n_rails
      locale
    activemodel (3.1.1.rc1)
      activesupport (= 3.1.1.rc1)
      builder (~> 3.0.0)
      i18n (~> 0.6)
    activesupport (3.1.1.rc1)
      multi_json (~> 1.0)
    builder (3.0.0)
    diff-lcs (1.1.3)
    facter (1.6.0)
    fast_gettext (0.5.13)
    gettext_i18n_rails (0.2.20)
      fast_gettext
    i18n (0.6.0)
    locale (2.0.5)
    multi_json (1.0.3)
    puppet (2.7.3)
      facter (>= 1.5.1)
    rake (0.8.7)
    rspec (2.6.0)
      rspec-core (~> 2.6.0)
      rspec-expectations (~> 2.6.0)
      rspec-mocks (~> 2.6.0)
    rspec-core (2.6.4)
    rspec-expectations (2.6.0)
      diff-lcs (~> 1.1.2)
    rspec-mocks (2.6.0)
    ruby-ldap (0.9.11)

PLATFORMS
  ruby

DEPENDENCIES
  oxford!
  rake (>= 0.8.7)
  rspec (~> 2.6.0)
