PATH
  remote: .
  specs:
    oxford (1.0.3)
      activeldap (>= 3.1.0)
      facter (= 1.5.8)

GEM
  remote: http://rubygems.org/
  specs:
    activeldap (6.1.0)
      activemodel (>= 5.2)
      builder
      gettext
      gettext_i18n_rails
      locale
    activemodel (7.0.4.1)
      activesupport (= 7.0.4.1)
    activesupport (7.0.4.1)
      concurrent-ruby (~> 1.0, >= 1.0.2)
      i18n (>= 1.6, < 2)
      minitest (>= 5.1)
      tzinfo (~> 2.0)
    builder (3.2.4)
    concurrent-ruby (1.1.10)
    diff-lcs (1.1.3)
    erubi (1.12.0)
    facter (1.5.8)
    fast_gettext (2.2.0)
    forwardable (1.3.3)
    gettext (3.4.3)
      erubi
      locale (>= 2.0.5)
      prime
      text (>= 1.3.0)
    gettext_i18n_rails (1.10.0)
      fast_gettext (>= 0.9.0)
    i18n (1.12.0)
      concurrent-ruby (~> 1.0)
    locale (2.1.3)
    minitest (5.17.0)
    prime (0.1.2)
      forwardable
      singleton
    rake (0.9.2.2)
    rspec (2.6.0)
      rspec-core (~> 2.6.0)
      rspec-expectations (~> 2.6.0)
      rspec-mocks (~> 2.6.0)
    rspec-core (2.6.4)
    rspec-expectations (2.6.0)
      diff-lcs (~> 1.1.2)
    rspec-mocks (2.6.0)
    ruby-ldap (0.9.12)
    singleton (0.1.1)
    text (1.3.1)
    tzinfo (2.0.5)
      concurrent-ruby (~> 1.0)

PLATFORMS
  ruby

DEPENDENCIES
  oxford!
  rake (>= 0.8.7)
  rspec (~> 2.6.0)
  ruby-ldap (>= 0.9.11)
