PATH
  remote: .
  specs:
    oxford (1.0.2)
      activeldap (>= 3.1.0)
      facter (= 1.5.8)

GEM
  remote: http://rubygems.org/
  specs:
    activeldap (3.1.1)
      activemodel (~> 3.1.0)
      fast_gettext
      gettext_i18n_rails
      locale
    activemodel (3.1.3)
      activesupport (= 3.1.3)
      builder (~> 3.0.0)
      i18n (~> 0.6)
    activesupport (3.1.3)
      multi_json (~> 1.0)
    builder (3.0.0)
    diff-lcs (1.1.3)
    facter (1.5.8)
    fast_gettext (0.6.4)
    gettext_i18n_rails (0.4.3)
      fast_gettext
    i18n (0.6.0)
    locale (2.0.5)
    multi_json (1.0.4)
    rake (0.9.2.2)
    rspec (2.6.0)
      rspec-core (~> 2.6.0)
      rspec-expectations (~> 2.6.0)
      rspec-mocks (~> 2.6.0)
    rspec-core (2.6.4)
    rspec-expectations (2.6.0)
      diff-lcs (~> 1.1.2)
    rspec-mocks (2.6.0)
    ruby-ldap (0.9.12)

PLATFORMS
  ruby

DEPENDENCIES
  oxford!
  rake (>= 0.8.7)
  rspec (~> 2.6.0)
  ruby-ldap (>= 0.9.11)
